{
	"ConversionSoftware": "dicm2nii.m 20181126",
	"SeriesNumber": 7,
	"SeriesDescription": "fMRI_Run_1",
	"ImageType": ["ORIGINAL", "PRIMARY", "M", "MB", "ND", "MOSAIC"],
	"Modality": "MR",
	"AcquisitionDateTime": "20181129150704.575000",
	"TotalReadoutTime": 0.041399172,
	"SliceTiming": [
		0,
		0.6875,
		0.3925,
		0.0975,
		0.785,
		0.49,
		0.1975,
		0.8825,
		0.5875,
		0.295,
		0,
		0.6875,
		0.3925,
		0.0975,
		0.785,
		0.49,
		0.1975,
		0.8825,
		0.5875,
		0.295,
		0,
		0.6875,
		0.3925,
		0.0975,
		0.785,
		0.49,
		0.1975,
		0.8825,
		0.5875,
		0.295,
		0,
		0.6875,
		0.3925,
		0.0975,
		0.785,
		0.49,
		0.1975,
		0.8825,
		0.5875,
		0.295	],
	"RepetitionTime": 1,
	"PhaseEncodingDirection": "j-",
	"EffectiveEchoSpacing": 0.000599988,
	"EchoTime1": 0.035,
	"deltaTE": 34,
	"EchoTime2": 0.001,
	"SliceThickness": 2.73,
	"FlipAngle": 62,
	"Manufacturer": "SIEMENS",
	"SoftwareVersion": "syngo MR E11",
	"MRAcquisitionType": "2D",
	"InstitutionName": "R",
	"InstitutionAddress": "Medical Center Dr 5,Columbia,SC,US,29203",
	"DeviceSerialNumber": "67060",
	"ScanningSequence": "EP",
	"SequenceVariant": "SK\\SS",
	"ScanOptions": "FS",
	"SequenceName": "epfid2d1_70",
			"TaskName":"affect"
}
