{
	"ConversionSoftware": "dicm2nii.m 20181126",
	"SeriesNumber": 12,
	"SeriesDescription": "T1_32_Channel_mprage_ns_sag_p2_iso 1.0mm_192",
	"ImageType": ["ORIGINAL", "PRIMARY", "M", "ND", "NORM"],
	"Modality": "MR",
	"AcquisitionDateTime": "20181108163217.920000",
	"RepetitionTime": 2.25,
	"PhaseEncodingDirection": "j-",
	"EchoTime": 0.00411,
	"InversionTime": 0.925,
	"SliceThickness": 1,
	"FlipAngle": 9,
	"Manufacturer": "SIEMENS",
	"SoftwareVersion": "syngo MR E11",
	"MRAcquisitionType": "3D",
	"InstitutionName": "USC",
	"InstitutionAddress": "Medical Center Dr 5,Columbia,SC,US,29203",
	"DeviceSerialNumber": "67060",
	"ScanningSequence": "GR\\IR",
	"SequenceVariant": "SK\\SP\\MP",
	"ScanOptions": "IR",
	"SequenceName": "*tfl3d1_16ns"
}
